GEM
  remote: https://rubygems.org/
  specs:
    diff-lcs (1.1.2)
    rack (1.6.13)
    rack-test (0.6.1)
      rack (>= 1.0)
    rake (10.5.0)
    rspec (2.6.0)
      rspec-core (~> 2.6.0)
      rspec-expectations (~> 2.6.0)
      rspec-mocks (~> 2.6.0)
    rspec-core (2.6.4)
    rspec-expectations (2.6.0)
      diff-lcs (~> 1.1.2)
    rspec-mocks (2.6.0)

PLATFORMS
  ruby

DEPENDENCIES
  rack-test
  rake (~> 10.5.0)
  rspec
